GIT
  remote: git://github.com/nanoc/nanoc-core.git
  revision: 49f41ea16794ab7a0ab3cf412a2a5d9c5a1a21e5
  specs:
    nanoc-core (4.0.0a1)
      ddplugin

PATH
  remote: .
  specs:
    nanoc-cli (4.0.0a1)
      cri (~> 2.3)
      nanoc-core (~> 4.0.0a1)

GEM
  remote: http://rubygems.org/
  specs:
    colored (1.2)
    cri (2.5.0)
      colored (>= 1.2)
    ddplugin (0.1)
    minitest (5.3.1)
    rake (10.1.1)
    systemu (2.6.4)

PLATFORMS
  ruby

DEPENDENCIES
  cri
  minitest
  nanoc-cli!
  nanoc-core!
  rake
  systemu
