PATH
  remote: .
  specs:
    nanoc-cli (4.0.0a1)
      cri (~> 2.0)
      nanoc-core (~> 4.0.0a1)

GEM
  remote: http://rubygems.org/
  remote: http://localhost:9292/
  specs:
    colored (1.2)
    cri (2.3.0)
      colored (>= 1.2)
    minitest (5.0.6)
    nanoc-core (4.0.0a1)
      cri (~> 2.3)
    rake (10.1.0)
    systemu (2.5.2)

PLATFORMS
  ruby

DEPENDENCIES
  cri
  minitest
  nanoc-cli!
  nanoc-core
  rake
  systemu
