GIT
  remote: git://github.com/nanoc/nanoc-core.git
  revision: 8d452e16935fd2431caaf54f8f2589ed498d4d04
  specs:
    nanoc-core (4.0.0a1)

PATH
  remote: .
  specs:
    nanoc-cli (4.0.0a1)
      cri (~> 2.3)
      nanoc-core (~> 4.0.0a1)

GEM
  remote: http://rubygems.org/
  specs:
    colored (1.2)
    cri (2.4.0)
      colored (>= 1.2)
    minitest (5.0.8)
    rake (10.1.0)
    systemu (2.5.2)

PLATFORMS
  ruby

DEPENDENCIES
  cri
  minitest
  nanoc-cli!
  nanoc-core!
  rake
  systemu
